##TITLE= Parameter file, TopSpin 3.7.0
##JCAMPDX= 5.0
##DATATYPE= Parameter Values
##NPOINTS= 22255	$$ modification sequence number
##ORIGIN= Bruker BioSpin GmbH
##OWNER= nmrsu
$$ 2024-04-19 11:21:16.194 +0200  labII20@DESKTOP-SS7M8T8
$$ C:/Bruker/TopSpin3.7.0/conf/instr/spect/specpar
$$ process C:\Bruker\TopSpin3.7.0\prog\mod\hconfserver.exe
##$ANCIEN= (0..7)
0 0 0 0 0 0 0 0
##$BF1= 100.13
##$BF2= 100.13
##$BF3= 100.13
##$DEC= 1
##$DECB= 1
##$DEF19F= yes
##$DEFRSEL= yes
##$HPMOD= (0..7)
0 0 0 0 0 0 0 0
##$HPPRECH= (0..15)
-1 -1 -1 -1 -1 -1 -1 -1 -1 -1 -1 -1 -1 -1 -1 -1
##$HPSELECT= no
##$LOCSW19F= -1
##$LOCSW2H= -1
##$NUC1= 1
##$NUC2= 0
##$NUC3= 0
##$NUC4= 0
##$NUC5= 0
##$NUC6= 0
##$NUC7= 0
##$NUC8= 0
##$NUCARR= (0..123)
400.16 400.16 61.426996414 426.826558358 304.837790362 58.887889738 155.517370076
56.2297349 42.991821853 128.387230358 100.620312032 28.916830108 40.547860659
54.247518332 376.526594418 31.589814874 105.84992304 24.496334617 104.269126975
79.5005355 161.987737187 30.7162816 39.207312655 32.635949161 18.672958197
23.217355229 10.249318089 26.930884047 97.205854796 22.559156054 22.56517046
39.897188495 105.253876717 22.619027994 99.196534749 12.956292445 94.946259318
35.758501682 106.104316757 113.660217909 25.037222884 96.043818166 122.035610726
13.958841305 68.517852182 76.316566421 20.879236355 100.256006368 108.069282429
15.39655616 38.635219909 130.934168726 17.342222115 19.608632317 37.200066077
97.943841872 26.078131082 26.625425913 90.069317322 18.427972242 20.65373419
12.750886315 18.31172176 16.19775251 18.621577653 84.895864768 88.808209081
87.498005209 87.685576207 130.927345999 142.586047615 149.222193011 95.760596924
51.857602748 104.720839587 126.249555631 80.061955978 111.285240298 32.988874274
52.485553827 39.753723132 44.469492685 52.79831088 56.525165026 122.528992
21.80872 13.445376 16.686672 13.765504 99.479776 43.937568 12.284912 16.126448
96.198464 13.765504 19.287712 85.394144 11.524608 33.173264 70.02522289
19.2917136 45.6342464 32.5370096 16.0344112 10.0720272 47.97758336 16.67221422
90.13443936 91.04280256 9.13297573 31.07402464 6.8747488 7.4869936 86.021530854
6.9187664 71.671945315 26.456910533 228.58419712 230.827646141 83.715868959
64.302862861 7.36854624 14.525808 100
##$NUCOFFS= (0..127)
<1H> <13C> <2H> <31P> <19F> <51V> <14N> <15N> <> <> <> <> <> <> <> <> <>
<> <> <> <> <> <> <> <> <> <> <> <> <> <> <> <> <> <> <> <> <> <> <> <>
<> <> <> <> <> <> <> <> <> <> <> <> <> <> <> <> <> <> <> <> <> <> <> <>
<> <> <> <> <> <> <> <> <> <> <> <> <> <> <> <> <> <> <> <> <> <> <> <>
<> <> <> <> <> <> <> <> <> <> <> <> <> <> <> <> <> <> <> <> <> <> <> <>
<> <> <> <> <> <> <> <> <> <> <> <> <> <> <>
##$OBS= 1
##$OFFS= (0..127)
50000 8000 0 0 0 0 0 0 0 0 0 0 0 0 0 0 0 0 0 0 0 0 0 0 0 0 0 0 0 0 0 0
0 0 0 0 0 0 0 0 0 0 0 0 0 0 0 0 0 0 0 0 0 0 0 0 0 0 0 0 0 0 0 0 0 0 0 0
0 0 0 0 0 0 0 0 0 0 0 0 0 0 0 0 0 0 0 0 0 0 0 0 0 0 0 0 0 0 0 0 0 0 0 0
0 0 0 0 0 0 0 0 0 0 0 0 0 0 0 0 0 0 0 0 0 0 0 0
##$OFFSF= (0..7)
0 0 0 0 0 0 0 0
##$OFFSH= (0..7)
2402.00000001778 1601.40000002684 0 0 0 0 0 0
##$OFFSX= (0..7)
0 0 0 0 0 0 0 0
##$OFFSXAS= (0..7)
0 0 0 0 0 0 0 0
##$OFSF1= 0
##$OFSF2= 0
##$OFSH1= 0
##$OFSH2= 0
##$OFSH3= 0
##$OFSX1= 0
##$OFSX2= 0
##$OFSY= 0
##$PACOIL= (0..15)
0 0 0 0 0 0 0 0 0 0 0 0 0 0 0 0
##$PRECHAN= (0..15)
-1 2 0 1 -1 -1 -1 -1 -1 -1 -1 -1 -1 -1 -1 -1
##$RECPRE= (0..15)
-1 0 -1 -1 -1 -1 -1 -1 -1 -1 -1 -1 -1 -1 -1 -1
##$RECPRFX= (0..15)
1 0 0 0 0 0 0 0 0 0 0 0 0 0 0 0
##$RECSEL= (0..15)
0 0 1 0 0 0 0 0 0 0 0 0 0 0 0 0
##$SELREC= (0..9)
0 0 0 0 0 0 0 0 0 0
##$SFO1= 400.162401
##$SFO2= 400.162471
##$SFO3= 400.162471
##$SFO4= 400.162471
##$SFO5= 400.162471
##$SFO6= 400.162471
##$SFO7= 400.162471
##$SFO8= 400.162471
##$TY= (0..123)
0 0 0 0 0 0 0 0 0 0 0 0 0 0 0 0 0 0 0 0 0 0 0 0 0 0 0 0 0 0 0 0 0 0 0 0
0 0 0 0 0 0 0 0 0 0 0 0 0 0 0 0 0 0 0 0 0 0 0 0 0 0 0 0 0 0 0 0 0 0 0 0
0 0 0 0 0 0 0 0 0 0 0 0 0 0 0 0 0 0 0 0 0 0 0 0 0 0 0 0 0 0 0 0 0 0 0 0
0 0 0 0 0 0 0 0 0 0 0 0 0 0 0 0
##END=
