##TITLE= Parameter file, TopSpin 4.1.4
##JCAMPDX= 5.0
##DATATYPE= Parameter Values
##NPOINTS= 259	$$ modification sequence number
##ORIGIN= Bruker BioSpin GmbH
##OWNER= nmr
$$ 2024-03-19 04:04:30.809 +0100  nmr@CZC8327R47
$$ E:/NMRdata/Hermans/lab423/user2/SA compound 22 fullchar/6/acqu2s
$$ process C:\Bruker\TopSpin4.1.4\prog\mod\acqdataserver.exe
##$ACQT0= 0
##$BF1= 125.757788525
##$FnILOOP= 1
##$FnMODE= 6
##$NUC1= <13C>
##$NusJSP= 0
##$NusT2= 1
##$NusTD= 256
##$O1= 13833.3567377487
##$ProjAngle= 0
##$SFO1= 125.771621881738
##$SW= 240.009594758856
##$SW_h= 30186.396
##$TD= 256
##END=
